PATH
  remote: .
  specs:
    zote (1.0.0)

GEM
  remote: https://rubygems.org/
  specs:
    minitest (5.20.0)
    rake (13.1.0)

PLATFORMS
  arm64-darwin-22

DEPENDENCIES
  minitest (~> 5.0)
  rake (~> 13.0)
  zote!

BUNDLED WITH
   2.4.14
